GEM
  remote: http://rubygems.org/
  specs:
    diff-lcs (1.1.2)
    hoe (2.6.1)
      rake (>= 0.8.7)
      rubyforge (>= 2.0.4)
    jruby-jars (1.5.1)
    jruby-rack (1.0.1)
    json_pure (1.4.3)
    rake (0.8.7)
    rcov (0.9.8-java)
    rcov (0.9.8)
    rdoc (2.5.9)
    rspec (1.3.0)
    rubyforge (2.0.4)
      json_pure (>= 1.1.7)
    rubyzip (0.9.4)

PLATFORMS
  java
  ruby

DEPENDENCIES
  diff-lcs
  hoe (>= 2.3.2)
  jruby-jars
  jruby-rack
  rake (>= 0.8.7)
  rcov (>= 0.9.8)
  rdoc
  rspec
  rubyzip
