GEM
  remote: http://rubygems.org/
  specs:
    diff-lcs (1.1.2)
    hoe (2.9.1)
      rake (>= 0.8.7)
    jruby-jars (1.6.0)
    jruby-rack (1.0.8)
    json_pure (1.4.6)
    rake (0.8.7)
    rcov (0.9.9)
    rcov (0.9.9-java)
    rdoc (3.5.3)
    rspec (1.3.1)
    rubyforge (2.0.4)
      json_pure (>= 1.1.7)
    rubyzip (0.9.4)

PLATFORMS
  java
  ruby

DEPENDENCIES
  diff-lcs
  hoe (>= 2.3.2)
  jruby-jars
  jruby-rack
  rake (>= 0.8.7)
  rcov (>= 0.9.8)
  rdoc
  rspec (~> 1.3)
  rubyforge
  rubyzip
