GEM
  remote: http://rubygems.org/
  specs:
    bouncy-castle-java (1.5.0146.1)
    childprocess (0.2.2)
      ffi (~> 1.0.6)
    diff-lcs (1.1.2)
    ffi (1.0.11)
    ffi (1.0.11-java)
    jruby-jars (1.6.3)
    jruby-openssl (0.7.4)
      bouncy-castle-java
    jruby-rack (1.0.9)
    rake (0.9.2.2)
    rcov (0.9.10)
    rcov (0.9.10-java)
    rdoc (3.9.2)
    rspec (1.3.2)
    rubyzip (0.9.6.1)

PLATFORMS
  java
  ruby

DEPENDENCIES
  childprocess
  diff-lcs
  jruby-jars
  jruby-openssl
  jruby-rack
  rake
  rcov (>= 0.9.8)
  rdoc
  rspec (~> 1.3)
  rubyzip
