GEM
  remote: http://rubygems.org/
  specs:
    bouncy-castle-java (1.5.0146.1)
    diff-lcs (1.1.2)
    hoe (2.12.0)
      rake (~> 0.8)
    jruby-jars (1.6.3)
    jruby-openssl (0.7.4)
      bouncy-castle-java
    jruby-rack (1.0.9)
    json_pure (1.5.3)
    rake (0.9.2)
    rcov (0.9.10-java)
    rdoc (3.9.2)
    rspec (1.3.2)
    rubyforge (2.0.4)
      json_pure (>= 1.1.7)
    rubyzip (0.9.4)

PLATFORMS
  java

DEPENDENCIES
  diff-lcs
  hoe (>= 2.3.2)
  jruby-jars
  jruby-openssl
  jruby-rack
  rake
  rcov (>= 0.9.8)
  rdoc
  rspec (~> 1.3)
  rubyforge
  rubyzip
